PATH
  remote: ../../
  specs:
    fiona7 (0.0.1)
      infopark_fiona_connector
      rails
      scrivito (~> 0.30)
      scrivito_sdk

PATH
  remote: /Users/tprzedmojski/Projects/reactor/infopark_reactor
  specs:
    infopark_reactor (1.10.0.beta)
      infopark_rails_connector_meta (>= 1.7.2)
      infopark_reactor_migrations (>= 1.7.2)
      rails (>= 3.0.10, <= 4.1.0)

PATH
  remote: /Users/tprzedmojski/Projects/reactor/infopark_reactor_migrations
  specs:
    infopark_reactor_migrations (1.10.0.beta)
      nokogiri
      rails (>= 3.0.10, <= 4.1.0)
      term-ansicolor

PATH
  remote: /Users/tprzedmojski/Projects/reactor/infopark_rails_connector_meta
  specs:
    infopark_rails_connector_meta (1.10.0.beta)
      activerecord (>= 3.0.10, <= 4.1.0)
      activesupport (>= 3.0.10, <= 4.1.0)

PATH
  remote: /Users/tprzedmojski/Projects/fiona_connector
  specs:
    infopark_fiona_connector (7.0.0.beta1)
      activerecord
      helpful_configuration (~> 0.1.0)
      jquery-rails
      json (>= 1.7.7)
      maruku (~> 0.7.1)
      mime-types (~> 1.16)
      mysql_blob_streaming (~> 2.0.0)
      rails (~> 4.0.3)
      rake (>= 10.1.1)
      rsolr (~> 1.0.9)

PATH
  remote: /Users/tprzedmojski/Projects/scrivito_sdk/scrivito_editors
  specs:
    scrivito_editors (0.30.0)
      coffee-rails
      jquery-ui-rails (>= 5.0.0)
      railties
      scrivito
      scrivito_content_browser

PATH
  remote: /Users/tprzedmojski/Projects/scrivito_sdk/scrivito_sdk
  specs:
    scrivito_sdk (0.30.0.3.93047206)
      addressable (~> 2.3.2)
      diff-lcs (~> 1.2.5)
      hyp_diff (~> 0.0.3)
      jbuilder (~> 2.2.2)
      jquery-rails (~> 3.1.1)
      json (>= 1.7.7)
      multipart-post (~> 2.0.0)
      nokogiri (~> 1.5.6)
      rails (~> 4.0.5)
      rake (>= 0.9.2.2)

PATH
  remote: /Users/tprzedmojski/Projects/scrivito_sdk/scrivito
  specs:
    scrivito (0.30.0.3.93047206)
      railties
      scrivito_sdk (= 0.30.0.3.93047206)

GEM
  remote: https://rubygems.org/
  specs:
    actionmailer (4.0.11)
      actionpack (= 4.0.11)
      mail (~> 2.5, >= 2.5.4)
    actionpack (4.0.11)
      activesupport (= 4.0.11)
      builder (~> 3.1.0)
      erubis (~> 2.7.0)
      rack (~> 1.5.2)
      rack-test (~> 0.6.2)
    activemodel (4.0.11)
      activesupport (= 4.0.11)
      builder (~> 3.1.0)
    activerecord (4.0.11)
      activemodel (= 4.0.11)
      activerecord-deprecated_finders (~> 1.0.2)
      activesupport (= 4.0.11)
      arel (~> 4.0.0)
    activerecord-deprecated_finders (1.0.3)
    activesupport (4.0.11)
      i18n (~> 0.6, >= 0.6.9)
      minitest (~> 4.2)
      multi_json (~> 1.3)
      thread_safe (~> 0.1)
      tzinfo (~> 0.3.37)
    addressable (2.3.6)
    arel (4.0.2)
    bootstrap-sass (3.2.0.2)
      sass (~> 3.2)
    builder (3.1.4)
    byebug (3.5.1)
      columnize (~> 0.8)
      debugger-linecache (~> 1.2)
      slop (~> 3.6)
    coderay (1.1.0)
    coffee-rails (4.0.1)
      coffee-script (>= 2.2.0)
      railties (>= 4.0.0, < 5.0)
    coffee-script (2.3.0)
      coffee-script-source
      execjs
    coffee-script-source (1.8.0)
    columnize (0.8.9)
    commonjs (0.2.7)
    debugger-linecache (1.2.0)
    diff-lcs (1.2.5)
    dotenv (1.0.2)
    dotenv-rails (1.0.2)
      dotenv (= 1.0.2)
    erubis (2.7.0)
    execjs (2.2.2)
    handlebars_assets (0.12.3)
      execjs (>= 1.2.9)
      sprockets (>= 2.0.3)
      tilt
    helpful_configuration (0.1.0)
    hike (1.2.3)
    hyp_diff (0.0.3)
      diff-lcs (~> 1.2.5)
      nokogiri (~> 1.5.6)
    i18n (0.6.11)
    jbuilder (2.2.4)
      activesupport (>= 3.0.0, < 5)
      multi_json (~> 1.2)
    jquery-rails (3.1.2)
      railties (>= 3.0, < 5.0)
      thor (>= 0.14, < 2.0)
    jquery-ui-rails (5.0.2)
      railties (>= 3.2.16)
    json (1.8.1)
    less (2.5.1)
      commonjs (~> 0.2.7)
    less-rails (2.5.0)
      actionpack (>= 3.1)
      less (~> 2.5.0)
    libv8 (3.11.8.17)
    mail (2.6.3)
      mime-types (>= 1.16, < 3)
    maruku (0.7.2)
    method_source (0.8.2)
    mime-types (1.25.1)
    minitest (4.7.5)
    momentjs-rails (2.6.0)
      railties (>= 3.1)
    multi_json (1.10.1)
    multipart-post (2.0.0)
    mysql2 (0.3.12b6)
    mysql_blob_streaming (2.0.2)
      mysql2 (= 0.3.12b6)
    netrc (0.8.0)
    nokogiri (1.5.11)
    pry (0.10.1)
      coderay (~> 1.1.0)
      method_source (~> 0.8.1)
      slop (~> 3.4)
    pry-rails (0.3.2)
      pry (>= 0.9.10)
    rack (1.5.2)
    rack-test (0.6.2)
      rack (>= 1.0)
    rails (4.0.11)
      actionmailer (= 4.0.11)
      actionpack (= 4.0.11)
      activerecord (= 4.0.11)
      activesupport (= 4.0.11)
      bundler (>= 1.3.0, < 2.0)
      railties (= 4.0.11)
      sprockets-rails (~> 2.0)
    railties (4.0.11)
      actionpack (= 4.0.11)
      activesupport (= 4.0.11)
      rake (>= 0.8.7)
      thor (>= 0.18.1, < 2.0)
    rake (10.3.2)
    rdoc (4.1.2)
      json (~> 1.4)
    ref (1.0.5)
    rest-client (1.7.2)
      mime-types (>= 1.16, < 3.0)
      netrc (~> 0.7)
    rsolr (1.0.10)
      builder (>= 2.1.2)
    rspec-core (3.1.7)
      rspec-support (~> 3.1.0)
    rspec-expectations (3.1.2)
      diff-lcs (>= 1.2.0, < 2.0)
      rspec-support (~> 3.1.0)
    rspec-mocks (3.1.3)
      rspec-support (~> 3.1.0)
    rspec-rails (3.1.0)
      actionpack (>= 3.0)
      activesupport (>= 3.0)
      railties (>= 3.0)
      rspec-core (~> 3.1.0)
      rspec-expectations (~> 3.1.0)
      rspec-mocks (~> 3.1.0)
      rspec-support (~> 3.1.0)
    rspec-support (3.1.2)
    sass (3.2.19)
    sass-rails (4.0.4)
      railties (>= 4.0.0, < 5.0)
      sass (~> 3.2.2)
      sprockets (~> 2.8, < 2.12)
      sprockets-rails (~> 2.0)
    scrivito_content_browser (0.30.0)
      coffee-rails
      railties
      scrivito
    sdoc (0.4.1)
      json (~> 1.7, >= 1.7.7)
      rdoc (~> 4.0)
    slop (3.6.0)
    spring (1.1.3)
    sprockets (2.11.3)
      hike (~> 1.2)
      multi_json (~> 1.0)
      rack (~> 1.0)
      tilt (~> 1.1, != 1.3.0)
    sprockets-rails (2.2.0)
      actionpack (>= 3.0)
      activesupport (>= 3.0)
      sprockets (>= 2.8, < 4.0)
    term-ansicolor (1.3.0)
      tins (~> 1.0)
    therubyracer (0.11.4)
      libv8 (~> 3.11.8.12)
      ref
    thor (0.19.1)
    thread_safe (0.3.4)
    tilt (1.4.1)
    tins (1.3.3)
    tzinfo (0.3.42)
    uglifier (2.5.3)
      execjs (>= 0.3.0)
      json (>= 1.8.0)
    underscore-rails (1.7.0)

PLATFORMS
  ruby

DEPENDENCIES
  bootstrap-sass (~> 3.2.0)
  byebug
  coffee-rails (~> 4.0.0)
  dotenv-rails
  fiona7!
  handlebars_assets (~> 0.12.0)
  infopark_fiona_connector!
  infopark_rails_connector_meta!
  infopark_reactor!
  infopark_reactor_migrations!
  jbuilder (~> 2.0)
  jquery-rails
  less-rails
  momentjs-rails (~> 2.6.0)
  pry-rails
  rails
  rest-client
  rspec-rails
  sass-rails (~> 4.0.3)
  scrivito!
  scrivito_editors!
  scrivito_sdk!
  sdoc (~> 0.4.0)
  spring
  therubyracer (~> 0.11.3)
  uglifier (>= 1.3.0)
  underscore-rails
