PATH
  remote: ../../
  specs:
    infopark_fiona7 (1.5.3.2.0)
      infopark_fiona_connector (= 7.0.1.beta2)
      infopark_reactor (= 1.23.0)
      mini_magick
      rails (~> 4.2.2)
      scrivito (= 1.5.3)
      scrivito_editors
      scrivito_sdk

PATH
  remote: ../scrivito/scrivito_development
  specs:
    scrivito_development (0.0.0)
      babel-source (>= 5.8.11)
      babel-transpiler
      coffee-rails
      coffee-script-source (>= 1.9.1)
      handlebars_assets (= 0.22.0)
      jquery-rails (~> 3.1.1)
      momentjs-rails (~> 2.9.0)
      quiet_assets
      react-rails (= 1.7.0)
      sass-rails
      sprockets (= 3.5.2)
      sprockets-rails (= 2.3.3)
      underscore-rails

GEM
  remote: https://rubygems.org/
  specs:
    actionmailer (4.2.7.1)
      actionpack (= 4.2.7.1)
      actionview (= 4.2.7.1)
      activejob (= 4.2.7.1)
      mail (~> 2.5, >= 2.5.4)
      rails-dom-testing (~> 1.0, >= 1.0.5)
    actionpack (4.2.7.1)
      actionview (= 4.2.7.1)
      activesupport (= 4.2.7.1)
      rack (~> 1.6)
      rack-test (~> 0.6.2)
      rails-dom-testing (~> 1.0, >= 1.0.5)
      rails-html-sanitizer (~> 1.0, >= 1.0.2)
    actionview (4.2.7.1)
      activesupport (= 4.2.7.1)
      builder (~> 3.1)
      erubis (~> 2.7.0)
      rails-dom-testing (~> 1.0, >= 1.0.5)
      rails-html-sanitizer (~> 1.0, >= 1.0.2)
    activejob (4.2.7.1)
      activesupport (= 4.2.7.1)
      globalid (>= 0.3.0)
    activemodel (4.2.7.1)
      activesupport (= 4.2.7.1)
      builder (~> 3.1)
    activerecord (4.2.7.1)
      activemodel (= 4.2.7.1)
      activesupport (= 4.2.7.1)
      arel (~> 6.0)
    activesupport (4.2.7.1)
      i18n (~> 0.7)
      json (~> 1.7, >= 1.7.7)
      minitest (~> 5.1)
      thread_safe (~> 0.3, >= 0.3.4)
      tzinfo (~> 1.1)
    addressable (2.5.0)
      public_suffix (~> 2.0, >= 2.0.2)
    arel (6.0.3)
    babel-source (5.8.35)
    babel-transpiler (0.7.0)
      babel-source (>= 4.0, < 6)
      execjs (~> 2.0)
    binding_of_caller (0.7.2)
      debug_inspector (>= 0.0.1)
    bootstrap-sass (3.2.0.2)
      sass (~> 3.2)
    builder (3.2.2)
    byebug (9.0.5)
    coderay (1.1.1)
    coffee-rails (4.2.1)
      coffee-script (>= 2.2.0)
      railties (>= 4.0.0, < 5.2.x)
    coffee-script (2.4.1)
      coffee-script-source
      execjs
    coffee-script-source (1.10.0)
    concurrent-ruby (1.0.2)
    connection_pool (2.2.0)
    debug_inspector (0.0.2)
    diff-lcs (1.2.5)
    dotenv (2.1.1)
    dotenv-rails (2.1.1)
      dotenv (= 2.1.1)
      railties (>= 4.0, < 5.1)
    erubis (2.7.0)
    execjs (2.7.0)
    globalid (0.3.7)
      activesupport (>= 4.1.0)
    handlebars_assets (0.22.0)
      execjs (~> 2.0)
      multi_json (~> 1.0)
      sprockets (>= 2.0.0, < 4.0)
      tilt (~> 1.2)
    helpful_configuration (0.1.0)
    hyp_diff (0.0.4)
      diff-lcs (~> 1.2.5)
      nokogiri (~> 1.6.5)
    i18n (0.7.0)
    infopark_fiona_connector (7.0.1.beta2)
      activerecord (> 0)
      helpful_configuration (~> 0.1.0)
      jquery-rails (~> 3.1.0)
      json (>= 1.8.1)
      maruku (~> 0.7.1)
      mime-types (~> 1.16)
      mysql_blob_streaming (~> 2.2.0)
      rails (~> 4.2)
      rake (>= 10.3.2)
      rsolr (~> 1.0.10)
    infopark_reactor (1.23.0)
      nokogiri
      rails (>= 3.0.10, < 4.3.0)
    jbuilder (2.6.0)
      activesupport (>= 3.0.0, < 5.1)
      multi_json (~> 1.2)
    jquery-rails (3.1.4)
      railties (>= 3.0, < 5.0)
      thor (>= 0.14, < 2.0)
    jquery-ui-rails (5.0.5)
      railties (>= 3.2.16)
    json (1.8.3)
    loofah (2.0.3)
      nokogiri (>= 1.5.9)
    mail (2.6.4)
      mime-types (>= 1.16, < 4)
    maruku (0.7.2)
    memoist (0.15.0)
    method_source (0.8.2)
    mime-types (1.25.1)
    mini_magick (4.5.1)
    mini_portile2 (2.1.0)
    minitest (5.9.1)
    momentjs-rails (2.9.0)
      railties (>= 3.1)
    multi_json (1.12.1)
    multipart-post (2.0.0)
    mysql2 (0.3.16)
    mysql_blob_streaming (2.2.0)
      mysql2 (= 0.3.16)
    nokogiri (1.6.8.1)
      mini_portile2 (~> 2.1.0)
    pry (0.10.4)
      coderay (~> 1.1.0)
      method_source (~> 0.8.1)
      slop (~> 3.4)
    pry-rails (0.3.4)
      pry (>= 0.9.10)
    public_suffix (2.0.4)
    quiet_assets (1.1.0)
      railties (>= 3.1, < 5.0)
    rack (1.6.5)
    rack-test (0.6.3)
      rack (>= 1.0)
    rails (4.2.7.1)
      actionmailer (= 4.2.7.1)
      actionpack (= 4.2.7.1)
      actionview (= 4.2.7.1)
      activejob (= 4.2.7.1)
      activemodel (= 4.2.7.1)
      activerecord (= 4.2.7.1)
      activesupport (= 4.2.7.1)
      bundler (>= 1.3.0, < 2.0)
      railties (= 4.2.7.1)
      sprockets-rails
    rails-deprecated_sanitizer (1.0.3)
      activesupport (>= 4.2.0.alpha)
    rails-dom-testing (1.0.7)
      activesupport (>= 4.2.0.beta, < 5.0)
      nokogiri (~> 1.6.0)
      rails-deprecated_sanitizer (>= 1.0.1)
    rails-html-sanitizer (1.0.3)
      loofah (~> 2.0)
    railties (4.2.7.1)
      actionpack (= 4.2.7.1)
      activesupport (= 4.2.7.1)
      rake (>= 0.8.7)
      thor (>= 0.18.1, < 2.0)
    rake (11.3.0)
    rdoc (4.2.2)
      json (~> 1.4)
    react-rails (1.7.0)
      babel-transpiler (>= 0.7.0)
      coffee-script-source (~> 1.8)
      connection_pool
      execjs
      rails (>= 3.2)
      tilt
    rsolr (1.0.13)
      builder (>= 2.1.2)
    rspec-core (3.5.3)
      rspec-support (~> 3.5.0)
    rspec-expectations (3.5.0)
      diff-lcs (>= 1.2.0, < 2.0)
      rspec-support (~> 3.5.0)
    rspec-mocks (3.5.0)
      diff-lcs (>= 1.2.0, < 2.0)
      rspec-support (~> 3.5.0)
    rspec-rails (3.5.2)
      actionpack (>= 3.0)
      activesupport (>= 3.0)
      railties (>= 3.0)
      rspec-core (~> 3.5.0)
      rspec-expectations (~> 3.5.0)
      rspec-mocks (~> 3.5.0)
      rspec-support (~> 3.5.0)
    rspec-support (3.5.0)
    sass (3.4.22)
    sass-rails (5.0.6)
      railties (>= 4.0.0, < 6)
      sass (~> 3.1)
      sprockets (>= 2.8, < 4.0)
      sprockets-rails (>= 2.0, < 4.0)
      tilt (>= 1.1, < 3)
    scrivito (1.5.3)
      railties
      scrivito_content_browser (= 1.5.3)
      scrivito_editors (= 1.5.3)
      scrivito_sdk (= 1.5.3)
    scrivito_content_browser (1.5.3)
      railties
      scrivito_sdk (= 1.5.3)
    scrivito_editors (1.5.3)
      jquery-ui-rails (>= 5.0.0)
      railties
      scrivito_content_browser (= 1.5.3)
      scrivito_sdk (= 1.5.3)
    scrivito_sdk (1.5.3)
      addressable (~> 2.3)
      connection_pool (~> 2.2)
      diff-lcs (~> 1.2)
      hyp_diff (~> 0.0.4)
      jbuilder (~> 2.0)
      json (>= 1.7.7)
      memoist (>= 0.12.0)
      multipart-post (~> 2.0)
      nokogiri (~> 1.6)
      rails (~> 4.2.0)
      rake (>= 0.9.2.2)
    sdoc (0.4.1)
      json (~> 1.7, >= 1.7.7)
      rdoc (~> 4.0)
    secure_headers (2.2.4)
      user_agent_parser
    slop (3.6.0)
    sprockets (3.5.2)
      concurrent-ruby (~> 1.0)
      rack (> 1, < 3)
    sprockets-rails (2.3.3)
      actionpack (>= 3.0)
      activesupport (>= 3.0)
      sprockets (>= 2.8, < 4.0)
    thor (0.19.4)
    thread_safe (0.3.5)
    tilt (1.4.1)
    tzinfo (1.2.2)
      thread_safe (~> 0.1)
    underscore-rails (1.8.3)
    user_agent_parser (2.3.0)
    web-console (2.0.0)
      activemodel (~> 4.0)
      binding_of_caller (>= 0.7.2)
      railties (~> 4.0)
      sprockets-rails (>= 2.0, < 4.0)

PLATFORMS
  ruby

DEPENDENCIES
  bootstrap-sass (~> 3.2.0)
  byebug
  coffee-rails
  dotenv-rails
  infopark_fiona7!
  jbuilder (~> 2.0)
  jquery-rails
  jquery-ui-rails (~> 5.0.0)
  pry-rails
  rails
  rspec-rails
  sass-rails
  scrivito_development!
  sdoc (~> 0.4.0)
  secure_headers (~> 2.2.3)
  sprockets-rails
  web-console (~> 2.0)

BUNDLED WITH
   1.10.6
